GEM
  remote: https://rubygems.org/
  specs:
    awesome_print (1.9.2)
    nio4r (2.7.4)
    puma (6.6.0)
      nio4r (~> 2.0)
    rack (3.1.16)
    rackup (2.2.1)
      rack (>= 3)

PLATFORMS
  x64-mingw-ucrt

DEPENDENCIES
  awesome_print
  puma
  rackup

BUNDLED WITH
   2.6.7
